PATH
  remote: .
  specs:
    schedule_attributes (0.1.0)
      activesupport
      ice_cube (~> 0.8.0)
      tzinfo

GEM
  remote: http://rubygems.org/
  specs:
    activesupport (3.2.8)
      i18n (~> 0.6)
      multi_json (~> 1.0)
    coderay (1.0.7)
    diff-lcs (1.1.3)
    i18n (0.6.1)
    ice_cube (0.8.0)
    method_source (0.8)
    multi_json (1.3.6)
    pry (0.9.10)
      coderay (~> 1.0.5)
      method_source (~> 0.8)
      slop (~> 3.3.1)
    rake (0.9.2.2)
    rspec (2.11.0)
      rspec-core (~> 2.11.0)
      rspec-expectations (~> 2.11.0)
      rspec-mocks (~> 2.11.0)
    rspec-core (2.11.1)
    rspec-expectations (2.11.3)
      diff-lcs (~> 1.1.3)
    rspec-mocks (2.11.3)
    slop (3.3.3)
    tzinfo (0.3.33)

PLATFORMS
  ruby

DEPENDENCIES
  pry
  rake
  rspec
  schedule_attributes!
